REDIRECTS: ON
RESTRICTION: || (== net45) (== netstandard1.6)
NUGET
  remote: https://www.nuget.org/api/v2
    FSharp.Core (4.3.4)
      System.Collections (>= 4.0.11) - restriction: == netstandard1.6
      System.Console (>= 4.0) - restriction: == netstandard1.6
      System.Diagnostics.Debug (>= 4.0.11) - restriction: == netstandard1.6
      System.Diagnostics.Tools (>= 4.0.1) - restriction: == netstandard1.6
      System.Globalization (>= 4.0.11) - restriction: == netstandard1.6
      System.IO (>= 4.1) - restriction: == netstandard1.6
      System.Linq (>= 4.1) - restriction: == netstandard1.6
      System.Linq.Expressions (>= 4.1) - restriction: == netstandard1.6
      System.Linq.Queryable (>= 4.0.1) - restriction: == netstandard1.6
      System.Net.Requests (>= 4.0.11) - restriction: == netstandard1.6
      System.Reflection (>= 4.1) - restriction: == netstandard1.6
      System.Reflection.Extensions (>= 4.0.1) - restriction: == netstandard1.6
      System.Resources.ResourceManager (>= 4.0.1) - restriction: == netstandard1.6
      System.Runtime (>= 4.1) - restriction: == netstandard1.6
      System.Runtime.Extensions (>= 4.1) - restriction: == netstandard1.6
      System.Runtime.Numerics (>= 4.0.1) - restriction: == netstandard1.6
      System.Text.RegularExpressions (>= 4.1) - restriction: == netstandard1.6
      System.Threading (>= 4.0.11) - restriction: == netstandard1.6
      System.Threading.Tasks (>= 4.0.11) - restriction: == netstandard1.6
      System.Threading.Tasks.Parallel (>= 4.0.1) - restriction: == netstandard1.6
      System.Threading.Thread (>= 4.0) - restriction: == netstandard1.6
      System.Threading.ThreadPool (>= 4.0.10) - restriction: == netstandard1.6
      System.Threading.Timer (>= 4.0.1) - restriction: == netstandard1.6
    Microsoft.NETCore.Platforms (2.1) - restriction: == netstandard1.6
    Microsoft.NETCore.Targets (2.1) - restriction: == netstandard1.6
    runtime.debian.8-x64.runtime.native.System.Security.Cryptography.OpenSsl (4.3.3) - restriction: == netstandard1.6
    runtime.debian.9-x64.runtime.native.System.Security.Cryptography.OpenSsl (4.3.3) - restriction: == netstandard1.6
    runtime.fedora.23-x64.runtime.native.System.Security.Cryptography.OpenSsl (4.3.3) - restriction: == netstandard1.6
    runtime.fedora.24-x64.runtime.native.System.Security.Cryptography.OpenSsl (4.3.3) - restriction: == netstandard1.6
    runtime.fedora.27-x64.runtime.native.System.Security.Cryptography.OpenSsl (4.3.3) - restriction: == netstandard1.6
    runtime.fedora.28-x64.runtime.native.System.Security.Cryptography.OpenSsl (4.3.3) - restriction: == netstandard1.6
    runtime.native.System (4.3.1) - restriction: == netstandard1.6
      Microsoft.NETCore.Platforms (>= 1.1.1)
      Microsoft.NETCore.Targets (>= 1.1.3)
    runtime.native.System.Net.Http (4.3.1) - restriction: == netstandard1.6
      Microsoft.NETCore.Platforms (>= 1.1.1)
      Microsoft.NETCore.Targets (>= 1.1.3)
    runtime.native.System.Security.Cryptography.Apple (4.3.1) - restriction: == netstandard1.6
      runtime.osx.10.10-x64.runtime.native.System.Security.Cryptography.Apple (>= 4.3.1)
    runtime.native.System.Security.Cryptography.OpenSsl (4.3.3) - restriction: == netstandard1.6
      runtime.debian.8-x64.runtime.native.System.Security.Cryptography.OpenSsl (>= 4.3.3)
      runtime.debian.9-x64.runtime.native.System.Security.Cryptography.OpenSsl (>= 4.3.3)
      runtime.fedora.23-x64.runtime.native.System.Security.Cryptography.OpenSsl (>= 4.3.3)
      runtime.fedora.24-x64.runtime.native.System.Security.Cryptography.OpenSsl (>= 4.3.3)
      runtime.fedora.27-x64.runtime.native.System.Security.Cryptography.OpenSsl (>= 4.3.3)
      runtime.fedora.28-x64.runtime.native.System.Security.Cryptography.OpenSsl (>= 4.3.3)
      runtime.opensuse.13.2-x64.runtime.native.System.Security.Cryptography.OpenSsl (>= 4.3.3)
      runtime.opensuse.42.1-x64.runtime.native.System.Security.Cryptography.OpenSsl (>= 4.3.3)
      runtime.opensuse.42.3-x64.runtime.native.System.Security.Cryptography.OpenSsl (>= 4.3.3)
      runtime.osx.10.10-x64.runtime.native.System.Security.Cryptography.OpenSsl (>= 4.3.3)
      runtime.rhel.7-x64.runtime.native.System.Security.Cryptography.OpenSsl (>= 4.3.3)
      runtime.ubuntu.14.04-x64.runtime.native.System.Security.Cryptography.OpenSsl (>= 4.3.3)
      runtime.ubuntu.16.04-x64.runtime.native.System.Security.Cryptography.OpenSsl (>= 4.3.3)
      runtime.ubuntu.16.10-x64.runtime.native.System.Security.Cryptography.OpenSsl (>= 4.3.3)
      runtime.ubuntu.18.04-x64.runtime.native.System.Security.Cryptography.OpenSsl (>= 4.3.3)
    runtime.opensuse.13.2-x64.runtime.native.System.Security.Cryptography.OpenSsl (4.3.3) - restriction: == netstandard1.6
    runtime.opensuse.42.1-x64.runtime.native.System.Security.Cryptography.OpenSsl (4.3.3) - restriction: == netstandard1.6
    runtime.opensuse.42.3-x64.runtime.native.System.Security.Cryptography.OpenSsl (4.3.3) - restriction: == netstandard1.6
    runtime.osx.10.10-x64.runtime.native.System.Security.Cryptography.Apple (4.3.1) - restriction: == netstandard1.6
    runtime.osx.10.10-x64.runtime.native.System.Security.Cryptography.OpenSsl (4.3.3) - restriction: == netstandard1.6
    runtime.rhel.7-x64.runtime.native.System.Security.Cryptography.OpenSsl (4.3.3) - restriction: == netstandard1.6
    runtime.ubuntu.14.04-x64.runtime.native.System.Security.Cryptography.OpenSsl (4.3.3) - restriction: == netstandard1.6
    runtime.ubuntu.16.04-x64.runtime.native.System.Security.Cryptography.OpenSsl (4.3.3) - restriction: == netstandard1.6
    runtime.ubuntu.16.10-x64.runtime.native.System.Security.Cryptography.OpenSsl (4.3.3) - restriction: == netstandard1.6
    runtime.ubuntu.18.04-x64.runtime.native.System.Security.Cryptography.OpenSsl (4.3.3) - restriction: == netstandard1.6
    System.Collections (4.3) - restriction: == netstandard1.6
      Microsoft.NETCore.Platforms (>= 1.1) - restriction: || (&& (== net45) (< portable-net45+win8+wp8+wpa81)) (== netstandard1.6)
      Microsoft.NETCore.Targets (>= 1.1) - restriction: || (&& (== net45) (< portable-net45+win8+wp8+wpa81)) (== netstandard1.6)
      System.Runtime (>= 4.3) - restriction: || (&& (== net45) (< portable-net45+win8+wp8+wpa81)) (== netstandard1.6)
    System.Collections.Concurrent (4.3) - restriction: == netstandard1.6
      System.Collections (>= 4.3) - restriction: || (&& (== net45) (< portable-net45+win8+wpa81)) (== netstandard1.6)
      System.Diagnostics.Debug (>= 4.3) - restriction: || (&& (== net45) (< portable-net45+win8+wpa81)) (== netstandard1.6)
      System.Diagnostics.Tracing (>= 4.3) - restriction: || (&& (== net45) (< portable-net45+win8+wpa81)) (== netstandard1.6)
      System.Globalization (>= 4.3) - restriction: || (&& (== net45) (< portable-net45+win8+wpa81)) (== netstandard1.6)
      System.Reflection (>= 4.3) - restriction: == netstandard1.6
      System.Resources.ResourceManager (>= 4.3) - restriction: || (&& (== net45) (< portable-net45+win8+wpa81)) (== netstandard1.6)
      System.Runtime (>= 4.3) - restriction: || (&& (== net45) (< portable-net45+win8+wpa81)) (== netstandard1.6)
      System.Runtime.Extensions (>= 4.3) - restriction: || (&& (== net45) (< portable-net45+win8+wpa81)) (== netstandard1.6)
      System.Threading (>= 4.3) - restriction: || (&& (== net45) (< portable-net45+win8+wpa81)) (== netstandard1.6)
      System.Threading.Tasks (>= 4.3) - restriction: || (&& (== net45) (< portable-net45+win8+wpa81)) (== netstandard1.6)
    System.Console (4.3.1) - restriction: == netstandard1.6
      Microsoft.NETCore.Platforms (>= 1.1) - restriction: || (&& (== net45) (>= netstandard1.3)) (== netstandard1.6)
      Microsoft.NETCore.Targets (>= 1.1.2) - restriction: || (&& (== net45) (>= netstandard1.3)) (== netstandard1.6)
      System.IO (>= 4.3) - restriction: || (&& (== net45) (>= netstandard1.3)) (== netstandard1.6)
      System.Runtime (>= 4.3) - restriction: || (&& (== net45) (>= netstandard1.3)) (== netstandard1.6)
      System.Text.Encoding (>= 4.3) - restriction: || (&& (== net45) (>= netstandard1.3)) (== netstandard1.6)
    System.Diagnostics.Debug (4.3) - restriction: == netstandard1.6
      Microsoft.NETCore.Platforms (>= 1.1) - restriction: || (&& (== net45) (< portable-net45+win8+wp8+wpa81)) (== netstandard1.6)
      Microsoft.NETCore.Targets (>= 1.1) - restriction: || (&& (== net45) (< portable-net45+win8+wp8+wpa81)) (== netstandard1.6)
      System.Runtime (>= 4.3) - restriction: || (&& (== net45) (< portable-net45+win8+wp8+wpa81)) (== netstandard1.6)
    System.Diagnostics.DiagnosticSource (4.5) - restriction: == netstandard1.6
      System.Collections (>= 4.3) - restriction: == netstandard1.6
      System.Diagnostics.Debug (>= 4.3) - restriction: == netstandard1.6
      System.Diagnostics.Tracing (>= 4.3) - restriction: == netstandard1.6
      System.Reflection (>= 4.3) - restriction: == netstandard1.6
      System.Runtime (>= 4.3) - restriction: == netstandard1.6
      System.Runtime.Extensions (>= 4.3) - restriction: == netstandard1.6
      System.Threading (>= 4.3) - restriction: == netstandard1.6
    System.Diagnostics.Tools (4.3) - restriction: == netstandard1.6
      Microsoft.NETCore.Platforms (>= 1.1) - restriction: || (&& (== net45) (< portable-net45+win8+wp8+wpa81)) (== netstandard1.6)
      Microsoft.NETCore.Targets (>= 1.1) - restriction: || (&& (== net45) (< portable-net45+win8+wp8+wpa81)) (== netstandard1.6)
      System.Runtime (>= 4.3) - restriction: || (&& (== net45) (< portable-net45+win8+wp8+wpa81)) (== netstandard1.6)
    System.Diagnostics.Tracing (4.3) - restriction: == netstandard1.6
      Microsoft.NETCore.Platforms (>= 1.1) - restriction: || (&& (== net45) (< portable-net45+win8+wpa81)) (== netstandard1.6)
      Microsoft.NETCore.Targets (>= 1.1) - restriction: || (&& (== net45) (< portable-net45+win8+wpa81)) (== netstandard1.6)
      System.Runtime (>= 4.3) - restriction: || (&& (== net45) (< portable-net45+win8+wpa81)) (== netstandard1.6)
    System.Globalization (4.3) - restriction: == netstandard1.6
      Microsoft.NETCore.Platforms (>= 1.1) - restriction: || (&& (== net45) (< portable-net45+win8+wp8+wpa81)) (== netstandard1.6)
      Microsoft.NETCore.Targets (>= 1.1) - restriction: || (&& (== net45) (< portable-net45+win8+wp8+wpa81)) (== netstandard1.6)
      System.Runtime (>= 4.3) - restriction: || (&& (== net45) (< portable-net45+win8+wp8+wpa81)) (== netstandard1.6)
    System.Globalization.Calendars (4.3) - restriction: == netstandard1.6
      Microsoft.NETCore.Platforms (>= 1.1) - restriction: || (&& (== net45) (>= netstandard1.3)) (== netstandard1.6)
      Microsoft.NETCore.Targets (>= 1.1) - restriction: || (&& (== net45) (>= netstandard1.3)) (== netstandard1.6)
      System.Globalization (>= 4.3) - restriction: || (&& (== net45) (>= netstandard1.3)) (== netstandard1.6)
      System.Runtime (>= 4.3) - restriction: || (&& (== net45) (>= netstandard1.3)) (== netstandard1.6)
    System.Globalization.Extensions (4.3) - restriction: == netstandard1.6
      Microsoft.NETCore.Platforms (>= 1.1) - restriction: || (&& (== net45) (>= netstandard1.3)) (== netstandard1.6)
      System.Globalization (>= 4.3) - restriction: || (&& (== net45) (>= netstandard1.3)) (== netstandard1.6)
      System.Resources.ResourceManager (>= 4.3) - restriction: || (&& (== net45) (>= netstandard1.3)) (== netstandard1.6)
      System.Runtime (>= 4.3) - restriction: || (&& (== net45) (>= netstandard1.3)) (== netstandard1.6)
      System.Runtime.Extensions (>= 4.3) - restriction: || (&& (== net45) (>= netstandard1.3)) (== netstandard1.6)
      System.Runtime.InteropServices (>= 4.3) - restriction: || (&& (== net45) (>= netstandard1.3)) (== netstandard1.6)
    System.IO (4.3) - restriction: == netstandard1.6
      Microsoft.NETCore.Platforms (>= 1.1) - restriction: || (&& (== net45) (< portable-net45+win8+wp8+wpa81)) (== netstandard1.6)
      Microsoft.NETCore.Targets (>= 1.1) - restriction: || (&& (== net45) (< portable-net45+win8+wp8+wpa81)) (== netstandard1.6)
      System.Runtime (>= 4.3) - restriction: || (&& (== net45) (< portable-net45+win8+wp8+wpa81)) (== netstandard1.6)
      System.Text.Encoding (>= 4.3) - restriction: || (&& (== net45) (< portable-net45+win8+wp8+wpa81)) (== netstandard1.6)
      System.Threading.Tasks (>= 4.3) - restriction: || (&& (== net45) (< portable-net45+win8+wp8+wpa81)) (== netstandard1.6)
    System.IO.FileSystem (4.3) - restriction: == netstandard1.6
      Microsoft.NETCore.Platforms (>= 1.1) - restriction: || (&& (== net45) (>= netstandard1.3)) (== netstandard1.6)
      Microsoft.NETCore.Targets (>= 1.1) - restriction: || (&& (== net45) (>= netstandard1.3)) (== netstandard1.6)
      System.IO (>= 4.3) - restriction: || (&& (== net45) (>= netstandard1.3)) (== netstandard1.6)
      System.IO.FileSystem.Primitives (>= 4.3) - restriction: || (&& (== net45) (>= net46)) (&& (== net45) (>= netstandard1.3)) (== netstandard1.6)
      System.Runtime (>= 4.3) - restriction: || (&& (== net45) (>= netstandard1.3)) (== netstandard1.6)
      System.Runtime.Handles (>= 4.3) - restriction: || (&& (== net45) (>= netstandard1.3)) (== netstandard1.6)
      System.Text.Encoding (>= 4.3) - restriction: || (&& (== net45) (>= netstandard1.3)) (== netstandard1.6)
      System.Threading.Tasks (>= 4.3) - restriction: || (&& (== net45) (>= netstandard1.3)) (== netstandard1.6)
    System.IO.FileSystem.Primitives (4.3) - restriction: == netstandard1.6
      System.Runtime (>= 4.3) - restriction: || (&& (== net45) (>= netstandard1.3)) (== netstandard1.6)
    System.Linq (4.3) - restriction: == netstandard1.6
      System.Collections (>= 4.3) - restriction: || (&& (== net45) (< portable-net45+win8+wp8+wpa81)) (== netstandard1.6)
      System.Diagnostics.Debug (>= 4.3) - restriction: || (&& (== net45) (< portable-net45+win8+wp8+wpa81)) (== netstandard1.6)
      System.Resources.ResourceManager (>= 4.3) - restriction: || (&& (== net45) (< portable-net45+win8+wp8+wpa81)) (== netstandard1.6)
      System.Runtime (>= 4.3) - restriction: || (&& (== net45) (< portable-net45+win8+wp8+wpa81)) (== netstandard1.6)
      System.Runtime.Extensions (>= 4.3) - restriction: || (&& (== net45) (< portable-net45+win8+wp8+wpa81)) (== netstandard1.6)
    System.Linq.Expressions (4.3) - restriction: == netstandard1.6
      System.Collections (>= 4.3) - restriction: || (&& (== net45) (< portable-net45+win8+wp8+wpa81)) (== netstandard1.6)
      System.Diagnostics.Debug (>= 4.3) - restriction: || (&& (== net45) (< portable-net45+win8+wp8+wpa81)) (== netstandard1.6)
      System.Globalization (>= 4.3) - restriction: || (&& (== net45) (< portable-net45+win8+wp8+wpa81)) (== netstandard1.6)
      System.IO (>= 4.3) - restriction: || (&& (== net45) (< portable-net45+win8+wp8+wpa81)) (== netstandard1.6)
      System.Linq (>= 4.3) - restriction: || (&& (== net45) (< portable-net45+win8+wp8+wpa81)) (== netstandard1.6)
      System.ObjectModel (>= 4.3) - restriction: == netstandard1.6
      System.Reflection (>= 4.3) - restriction: || (&& (== net45) (< portable-net45+win8+wp8+wpa81)) (== netstandard1.6)
      System.Reflection.Emit (>= 4.3) - restriction: == netstandard1.6
      System.Reflection.Emit.ILGeneration (>= 4.3) - restriction: || (&& (== net45) (< portable-net45+win8+wp8+wpa81)) (== netstandard1.6)
      System.Reflection.Emit.Lightweight (>= 4.3) - restriction: || (&& (== net45) (< portable-net45+win8+wp8+wpa81)) (== netstandard1.6)
      System.Reflection.Extensions (>= 4.3) - restriction: || (&& (== net45) (< portable-net45+win8+wp8+wpa81)) (== netstandard1.6)
      System.Reflection.Primitives (>= 4.3) - restriction: || (&& (== net45) (< portable-net45+win8+wp8+wpa81)) (== netstandard1.6)
      System.Reflection.TypeExtensions (>= 4.3) - restriction: || (&& (== net45) (< portable-net45+win8+wp8+wpa81)) (== netstandard1.6)
      System.Resources.ResourceManager (>= 4.3) - restriction: || (&& (== net45) (< portable-net45+win8+wp8+wpa81)) (== netstandard1.6)
      System.Runtime (>= 4.3) - restriction: || (&& (== net45) (< portable-net45+win8+wp8+wpa81)) (== netstandard1.6)
      System.Runtime.Extensions (>= 4.3) - restriction: || (&& (== net45) (< portable-net45+win8+wp8+wpa81)) (== netstandard1.6)
      System.Threading (>= 4.3) - restriction: || (&& (== net45) (< portable-net45+win8+wp8+wpa81)) (== netstandard1.6)
    System.Linq.Queryable (4.3) - restriction: == netstandard1.6
      System.Collections (>= 4.3) - restriction: || (&& (== net45) (< portable-net45+win8+wp8+wpa81)) (== netstandard1.6)
      System.Diagnostics.Debug (>= 4.3) - restriction: || (&& (== net45) (< portable-net45+win8+wp8+wpa81)) (== netstandard1.6)
      System.Linq (>= 4.3) - restriction: || (&& (== net45) (< portable-net45+win8+wp8+wpa81)) (== netstandard1.6)
      System.Linq.Expressions (>= 4.3) - restriction: || (&& (== net45) (< portable-net45+win8+wp8+wpa81)) (== netstandard1.6)
      System.Reflection (>= 4.3) - restriction: || (&& (== net45) (< portable-net45+win8+wp8+wpa81)) (== netstandard1.6)
      System.Reflection.Extensions (>= 4.3) - restriction: || (&& (== net45) (< portable-net45+win8+wp8+wpa81)) (== netstandard1.6)
      System.Resources.ResourceManager (>= 4.3) - restriction: || (&& (== net45) (< portable-net45+win8+wp8+wpa81)) (== netstandard1.6)
      System.Runtime (>= 4.3) - restriction: || (&& (== net45) (< portable-net45+win8+wp8+wpa81)) (== netstandard1.6)
    System.Net.Http (4.3.3) - restriction: == netstandard1.6
      Microsoft.NETCore.Platforms (>= 1.1) - restriction: || (&& (== net45) (< portable-net45+win8+wpa81)) (== netstandard1.6)
      runtime.native.System (>= 4.3) - restriction: == netstandard1.6
      runtime.native.System.Net.Http (>= 4.3) - restriction: == netstandard1.6
      runtime.native.System.Security.Cryptography.OpenSsl (>= 4.3.2) - restriction: == netstandard1.6
      System.Collections (>= 4.3) - restriction: || (&& (== net45) (< portable-net45+win8+wpa81)) (== netstandard1.6)
      System.Diagnostics.Debug (>= 4.3) - restriction: || (&& (== net45) (< portable-net45+win8+wpa81)) (== netstandard1.6)
      System.Diagnostics.DiagnosticSource (>= 4.3) - restriction: || (&& (== net45) (< portable-net45+win8+wpa81)) (== netstandard1.6)
      System.Diagnostics.Tracing (>= 4.3) - restriction: || (&& (== net45) (< portable-net45+win8+wpa81)) (== netstandard1.6)
      System.Globalization (>= 4.3) - restriction: || (&& (== net45) (< portable-net45+win8+wpa81)) (== netstandard1.6)
      System.Globalization.Extensions (>= 4.3) - restriction: == netstandard1.6
      System.IO (>= 4.3) - restriction: || (&& (== net45) (< portable-net45+win8+wpa81)) (== netstandard1.6)
      System.IO.FileSystem (>= 4.3) - restriction: == netstandard1.6
      System.Net.Primitives (>= 4.3) - restriction: || (&& (== net45) (< portable-net45+win8+wpa81)) (== netstandard1.6)
      System.Resources.ResourceManager (>= 4.3) - restriction: || (&& (== net45) (< portable-net45+win8+wpa81)) (== netstandard1.6)
      System.Runtime (>= 4.3) - restriction: || (&& (== net45) (< portable-net45+win8+wpa81)) (== netstandard1.6)
      System.Runtime.Extensions (>= 4.3) - restriction: || (&& (== net45) (< portable-net45+win8+wpa81)) (== netstandard1.6)
      System.Runtime.Handles (>= 4.3) - restriction: == netstandard1.6
      System.Runtime.InteropServices (>= 4.3) - restriction: || (&& (== net45) (< portable-net45+win8+wpa81)) (== netstandard1.6)
      System.Security.Cryptography.Algorithms (>= 4.3) - restriction: == netstandard1.6
      System.Security.Cryptography.Encoding (>= 4.3) - restriction: == netstandard1.6
      System.Security.Cryptography.OpenSsl (>= 4.3) - restriction: == netstandard1.6
      System.Security.Cryptography.Primitives (>= 4.3) - restriction: == netstandard1.6
      System.Security.Cryptography.X509Certificates (>= 4.3) - restriction: || (&& (== net45) (>= net46)) (&& (== net45) (< portable-net45+win8+wpa81)) (== netstandard1.6)
      System.Text.Encoding (>= 4.3) - restriction: || (&& (== net45) (< portable-net45+win8+wpa81)) (== netstandard1.6)
      System.Threading (>= 4.3) - restriction: || (&& (== net45) (< portable-net45+win8+wpa81)) (== netstandard1.6)
      System.Threading.Tasks (>= 4.3) - restriction: || (&& (== net45) (< portable-net45+win8+wpa81)) (== netstandard1.6)
    System.Net.Primitives (4.3) - restriction: == netstandard1.6
      Microsoft.NETCore.Platforms (>= 1.1) - restriction: || (&& (== net45) (< netstandard1.1)) (&& (== net45) (< portable-net45+win8+wp8+wpa81)) (== netstandard1.6)
      Microsoft.NETCore.Targets (>= 1.1) - restriction: || (&& (== net45) (< netstandard1.1)) (&& (== net45) (< portable-net45+win8+wp8+wpa81)) (== netstandard1.6)
      System.Runtime (>= 4.3) - restriction: || (&& (== net45) (< netstandard1.1)) (&& (== net45) (< portable-net45+win8+wp8+wpa81)) (== netstandard1.6)
      System.Runtime.Handles (>= 4.3) - restriction: || (&& (== net45) (< portable-net45+win8+wp8+wpa81)) (== netstandard1.6)
    System.Net.Requests (4.3) - restriction: == netstandard1.6
      Microsoft.NETCore.Platforms (>= 1.1) - restriction: == netstandard1.6
      System.Collections (>= 4.3) - restriction: || (&& (== net45) (< portable-net45+win8+wp8+wpa81)) (== netstandard1.6)
      System.Diagnostics.Debug (>= 4.3) - restriction: || (&& (== net45) (< portable-net45+win8+wp8+wpa81)) (== netstandard1.6)
      System.Diagnostics.Tracing (>= 4.3) - restriction: || (&& (== net45) (< portable-net45+win8+wp8+wpa81)) (== netstandard1.6)
      System.Globalization (>= 4.3) - restriction: || (&& (== net45) (< portable-net45+win8+wp8+wpa81)) (== netstandard1.6)
      System.IO (>= 4.3) - restriction: || (&& (== net45) (< netstandard1.1)) (&& (== net45) (< portable-net45+win8+wp8+wpa81)) (== netstandard1.6)
      System.Net.Http (>= 4.3) - restriction: || (&& (== net45) (< portable-net45+win8+wp8+wpa81)) (== netstandard1.6)
      System.Net.Primitives (>= 4.3) - restriction: || (&& (== net45) (< netstandard1.1)) (&& (== net45) (< portable-net45+win8+wp8+wpa81)) (== netstandard1.6)
      System.Net.WebHeaderCollection (>= 4.3) - restriction: || (&& (== net45) (< portable-net45+win8+wp8+wpa81)) (== netstandard1.6)
      System.Resources.ResourceManager (>= 4.3) - restriction: || (&& (== net45) (< portable-net45+win8+wp8+wpa81)) (== netstandard1.6)
      System.Runtime (>= 4.3) - restriction: || (&& (== net45) (< netstandard1.1)) (&& (== net45) (< portable-net45+win8+wp8+wpa81)) (== netstandard1.6)
      System.Threading (>= 4.3) - restriction: || (&& (== net45) (< portable-net45+win8+wp8+wpa81)) (== netstandard1.6)
      System.Threading.Tasks (>= 4.3) - restriction: || (&& (== net45) (< portable-net45+win8+wp8+wpa81)) (== netstandard1.6)
    System.Net.WebHeaderCollection (4.3) - restriction: == netstandard1.6
      System.Collections (>= 4.3) - restriction: || (&& (== net45) (>= netstandard1.3)) (== netstandard1.6)
      System.Resources.ResourceManager (>= 4.3) - restriction: || (&& (== net45) (>= netstandard1.3)) (== netstandard1.6)
      System.Runtime (>= 4.3) - restriction: || (&& (== net45) (>= netstandard1.3)) (== netstandard1.6)
      System.Runtime.Extensions (>= 4.3) - restriction: || (&& (== net45) (>= netstandard1.3)) (== netstandard1.6)
    System.ObjectModel (4.3) - restriction: == netstandard1.6
      System.Collections (>= 4.3) - restriction: || (&& (== net45) (< portable-net45+win8+wp8+wpa81)) (== netstandard1.6)
      System.Diagnostics.Debug (>= 4.3) - restriction: || (&& (== net45) (< portable-net45+win8+wp8+wpa81)) (== netstandard1.6)
      System.Resources.ResourceManager (>= 4.3) - restriction: || (&& (== net45) (< portable-net45+win8+wp8+wpa81)) (== netstandard1.6)
      System.Runtime (>= 4.3) - restriction: || (&& (== net45) (< portable-net45+win8+wp8+wpa81)) (== netstandard1.6)
      System.Threading (>= 4.3) - restriction: || (&& (== net45) (< portable-net45+win8+wp8+wpa81)) (== netstandard1.6)
    System.Reflection (4.3) - restriction: == netstandard1.6
      Microsoft.NETCore.Platforms (>= 1.1) - restriction: || (&& (== net45) (< portable-net45+win8+wp8+wpa81)) (== netstandard1.6)
      Microsoft.NETCore.Targets (>= 1.1) - restriction: || (&& (== net45) (< portable-net45+win8+wp8+wpa81)) (== netstandard1.6)
      System.IO (>= 4.3) - restriction: || (&& (== net45) (< portable-net45+win8+wp8+wpa81)) (== netstandard1.6)
      System.Reflection.Primitives (>= 4.3) - restriction: || (&& (== net45) (< portable-net45+win8+wp8+wpa81)) (== netstandard1.6)
      System.Runtime (>= 4.3) - restriction: || (&& (== net45) (< portable-net45+win8+wp8+wpa81)) (== netstandard1.6)
    System.Reflection.Emit (4.3) - restriction: == netstandard1.6
      System.IO (>= 4.3) - restriction: == netstandard1.6
      System.Reflection (>= 4.3) - restriction: == netstandard1.6
      System.Reflection.Emit.ILGeneration (>= 4.3) - restriction: == netstandard1.6
      System.Reflection.Primitives (>= 4.3) - restriction: == netstandard1.6
      System.Runtime (>= 4.3) - restriction: == netstandard1.6
    System.Reflection.Emit.ILGeneration (4.3) - restriction: == netstandard1.6
      System.Reflection (>= 4.3) - restriction: == netstandard1.6
      System.Reflection.Primitives (>= 4.3) - restriction: == netstandard1.6
      System.Runtime (>= 4.3) - restriction: == netstandard1.6
    System.Reflection.Emit.Lightweight (4.3) - restriction: == netstandard1.6
      System.Reflection (>= 4.3) - restriction: == netstandard1.6
      System.Reflection.Emit.ILGeneration (>= 4.3) - restriction: == netstandard1.6
      System.Reflection.Primitives (>= 4.3) - restriction: == netstandard1.6
      System.Runtime (>= 4.3) - restriction: == netstandard1.6
    System.Reflection.Extensions (4.3) - restriction: == netstandard1.6
      Microsoft.NETCore.Platforms (>= 1.1) - restriction: || (&& (== net45) (< portable-net45+win8+wp8+wpa81)) (== netstandard1.6)
      Microsoft.NETCore.Targets (>= 1.1) - restriction: || (&& (== net45) (< portable-net45+win8+wp8+wpa81)) (== netstandard1.6)
      System.Reflection (>= 4.3) - restriction: || (&& (== net45) (< portable-net45+win8+wp8+wpa81)) (== netstandard1.6)
      System.Runtime (>= 4.3) - restriction: || (&& (== net45) (< portable-net45+win8+wp8+wpa81)) (== netstandard1.6)
    System.Reflection.Primitives (4.3) - restriction: == netstandard1.6
      Microsoft.NETCore.Platforms (>= 1.1) - restriction: || (&& (== net45) (< portable-net45+win8+wp8+wpa81)) (== netstandard1.6)
      Microsoft.NETCore.Targets (>= 1.1) - restriction: || (&& (== net45) (< portable-net45+win8+wp8+wpa81)) (== netstandard1.6)
      System.Runtime (>= 4.3) - restriction: || (&& (== net45) (< portable-net45+win8+wp8+wpa81)) (== netstandard1.6)
    System.Reflection.TypeExtensions (4.5) - restriction: == netstandard1.6
      System.Reflection (>= 4.3)
      System.Resources.ResourceManager (>= 4.3)
      System.Runtime (>= 4.3)
    System.Resources.ResourceManager (4.3) - restriction: == netstandard1.6
      Microsoft.NETCore.Platforms (>= 1.1) - restriction: || (&& (== net45) (< portable-net45+win8+wp8+wpa81)) (== netstandard1.6)
      Microsoft.NETCore.Targets (>= 1.1) - restriction: || (&& (== net45) (< portable-net45+win8+wp8+wpa81)) (== netstandard1.6)
      System.Globalization (>= 4.3) - restriction: || (&& (== net45) (< portable-net45+win8+wp8+wpa81)) (== netstandard1.6)
      System.Reflection (>= 4.3) - restriction: || (&& (== net45) (< portable-net45+win8+wp8+wpa81)) (== netstandard1.6)
      System.Runtime (>= 4.3) - restriction: || (&& (== net45) (< portable-net45+win8+wp8+wpa81)) (== netstandard1.6)
    System.Runtime (4.3) - restriction: == netstandard1.6
      Microsoft.NETCore.Platforms (>= 1.1) - restriction: || (&& (== net45) (< portable-net45+win8+wp8+wpa81)) (== netstandard1.6)
      Microsoft.NETCore.Targets (>= 1.1) - restriction: || (&& (== net45) (< portable-net45+win8+wp8+wpa81)) (== netstandard1.6)
    System.Runtime.Extensions (4.3) - restriction: == netstandard1.6
      Microsoft.NETCore.Platforms (>= 1.1) - restriction: || (&& (== net45) (< portable-net45+win8+wp8+wpa81)) (== netstandard1.6)
      Microsoft.NETCore.Targets (>= 1.1) - restriction: || (&& (== net45) (< portable-net45+win8+wp8+wpa81)) (== netstandard1.6)
      System.Runtime (>= 4.3) - restriction: || (&& (== net45) (< portable-net45+win8+wp8+wpa81)) (== netstandard1.6)
    System.Runtime.Handles (4.3) - restriction: == netstandard1.6
      Microsoft.NETCore.Platforms (>= 1.1) - restriction: || (&& (== net45) (>= netstandard1.3)) (== netstandard1.6)
      Microsoft.NETCore.Targets (>= 1.1) - restriction: || (&& (== net45) (>= netstandard1.3)) (== netstandard1.6)
      System.Runtime (>= 4.3) - restriction: || (&& (== net45) (>= netstandard1.3)) (== netstandard1.6)
    System.Runtime.InteropServices (4.3) - restriction: == netstandard1.6
      Microsoft.NETCore.Platforms (>= 1.1) - restriction: || (&& (== net45) (>= netcoreapp1.1)) (&& (== net45) (< portable-net45+win8+wpa81)) (== netstandard1.6)
      Microsoft.NETCore.Targets (>= 1.1) - restriction: || (&& (== net45) (>= netcoreapp1.1)) (&& (== net45) (< portable-net45+win8+wpa81)) (== netstandard1.6)
      System.Reflection (>= 4.3) - restriction: || (&& (== net45) (>= netcoreapp1.1)) (&& (== net45) (< portable-net45+win8+wpa81)) (== netstandard1.6)
      System.Reflection.Primitives (>= 4.3) - restriction: || (&& (== net45) (>= netcoreapp1.1)) (&& (== net45) (< portable-net45+win8+wpa81)) (== netstandard1.6)
      System.Runtime (>= 4.3) - restriction: || (&& (== net45) (>= net462)) (&& (== net45) (>= netcoreapp1.1)) (&& (== net45) (< portable-net45+win8+wpa81)) (== netstandard1.6)
      System.Runtime.Handles (>= 4.3) - restriction: || (&& (== net45) (>= netcoreapp1.1)) (&& (== net45) (< portable-net45+win8+wpa81)) (== netstandard1.6)
    System.Runtime.Numerics (4.3) - restriction: == netstandard1.6
      System.Globalization (>= 4.3) - restriction: || (&& (== net45) (< portable-net45+win8+wpa81)) (== netstandard1.6)
      System.Resources.ResourceManager (>= 4.3) - restriction: || (&& (== net45) (< portable-net45+win8+wpa81)) (== netstandard1.6)
      System.Runtime (>= 4.3) - restriction: || (&& (== net45) (< portable-net45+win8+wpa81)) (== netstandard1.6)
      System.Runtime.Extensions (>= 4.3) - restriction: || (&& (== net45) (< portable-net45+win8+wpa81)) (== netstandard1.6)
    System.Security.Cryptography.Algorithms (4.3.1) - restriction: == netstandard1.6
      Microsoft.NETCore.Platforms (>= 1.1)
      runtime.native.System.Security.Cryptography.Apple (>= 4.3.1) - restriction: || (&& (== net45) (>= netstandard1.6)) (== netstandard1.6)
      runtime.native.System.Security.Cryptography.OpenSsl (>= 4.3.2) - restriction: || (&& (== net45) (>= netstandard1.6)) (== netstandard1.6)
      System.Collections (>= 4.3) - restriction: || (&& (== net45) (>= netstandard1.6)) (== netstandard1.6)
      System.IO (>= 4.3)
      System.Resources.ResourceManager (>= 4.3)
      System.Runtime (>= 4.3)
      System.Runtime.Extensions (>= 4.3)
      System.Runtime.Handles (>= 4.3)
      System.Runtime.InteropServices (>= 4.3)
      System.Runtime.Numerics (>= 4.3) - restriction: || (&& (== net45) (>= netstandard1.6)) (== netstandard1.6)
      System.Security.Cryptography.Encoding (>= 4.3)
      System.Security.Cryptography.Primitives (>= 4.3)
      System.Text.Encoding (>= 4.3)
    System.Security.Cryptography.Cng (4.5) - restriction: == netstandard1.6
      System.IO (>= 4.3) - restriction: || (&& (== net45) (>= netstandard1.3)) (&& (== net45) (>= netstandard1.4)) (&& (== net45) (>= netstandard1.6)) (== netstandard1.6)
      System.Resources.ResourceManager (>= 4.3) - restriction: || (&& (== net45) (>= netstandard1.3)) (&& (== net45) (>= netstandard1.4)) (&& (== net45) (>= netstandard1.6)) (== netstandard1.6)
      System.Runtime (>= 4.3) - restriction: || (&& (== net45) (>= netstandard1.3)) (&& (== net45) (>= netstandard1.4)) (&& (== net45) (>= netstandard1.6)) (== netstandard1.6)
      System.Runtime.Extensions (>= 4.3) - restriction: || (&& (== net45) (>= netstandard1.4)) (&& (== net45) (>= netstandard1.6)) (== netstandard1.6)
      System.Runtime.Handles (>= 4.3) - restriction: || (&& (== net45) (>= netstandard1.3)) (&& (== net45) (>= netstandard1.4)) (&& (== net45) (>= netstandard1.6)) (== netstandard1.6)
      System.Runtime.InteropServices (>= 4.3) - restriction: || (&& (== net45) (>= netstandard1.3)) (&& (== net45) (>= netstandard1.4)) (&& (== net45) (>= netstandard1.6)) (== netstandard1.6)
      System.Security.Cryptography.Algorithms (>= 4.3) - restriction: || (&& (== net45) (>= net46)) (&& (== net45) (>= netstandard1.3)) (&& (== net45) (>= netstandard1.4)) (&& (== net45) (>= netstandard1.6)) (== netstandard1.6)
      System.Security.Cryptography.Encoding (>= 4.3) - restriction: || (&& (== net45) (>= netstandard1.4)) (&& (== net45) (>= netstandard1.6)) (== netstandard1.6)
      System.Security.Cryptography.Primitives (>= 4.3) - restriction: || (&& (== net45) (>= net46)) (&& (== net45) (>= netstandard1.3)) (&& (== net45) (>= netstandard1.4)) (&& (== net45) (>= netstandard1.6)) (== netstandard1.6)
      System.Text.Encoding (>= 4.3) - restriction: || (&& (== net45) (>= netstandard1.4)) (&& (== net45) (>= netstandard1.6)) (== netstandard1.6)
    System.Security.Cryptography.Csp (4.3) - restriction: == netstandard1.6
      Microsoft.NETCore.Platforms (>= 1.1) - restriction: || (&& (== net45) (>= netstandard1.3)) (== netstandard1.6)
      System.IO (>= 4.3) - restriction: || (&& (== net45) (>= netstandard1.3)) (== netstandard1.6)
      System.Reflection (>= 4.3) - restriction: || (&& (== net45) (>= netstandard1.3)) (== netstandard1.6)
      System.Resources.ResourceManager (>= 4.3) - restriction: || (&& (== net45) (>= netstandard1.3)) (== netstandard1.6)
      System.Runtime (>= 4.3) - restriction: || (&& (== net45) (>= netstandard1.3)) (== netstandard1.6)
      System.Runtime.Extensions (>= 4.3) - restriction: || (&& (== net45) (>= netstandard1.3)) (== netstandard1.6)
      System.Runtime.Handles (>= 4.3) - restriction: || (&& (== net45) (>= netstandard1.3)) (== netstandard1.6)
      System.Runtime.InteropServices (>= 4.3) - restriction: || (&& (== net45) (>= netstandard1.3)) (== netstandard1.6)
      System.Security.Cryptography.Algorithms (>= 4.3) - restriction: || (&& (== net45) (>= net46)) (&& (== net45) (>= netstandard1.3)) (== netstandard1.6)
      System.Security.Cryptography.Encoding (>= 4.3) - restriction: || (&& (== net45) (>= netstandard1.3)) (== netstandard1.6)
      System.Security.Cryptography.Primitives (>= 4.3) - restriction: || (&& (== net45) (>= net46)) (&& (== net45) (>= netstandard1.3)) (== netstandard1.6)
      System.Text.Encoding (>= 4.3) - restriction: || (&& (== net45) (>= netstandard1.3)) (== netstandard1.6)
      System.Threading (>= 4.3) - restriction: || (&& (== net45) (>= netstandard1.3)) (== netstandard1.6)
    System.Security.Cryptography.Encoding (4.3) - restriction: == netstandard1.6
      Microsoft.NETCore.Platforms (>= 1.1) - restriction: || (&& (== net45) (>= netstandard1.3)) (== netstandard1.6)
      runtime.native.System.Security.Cryptography.OpenSsl (>= 4.3) - restriction: || (&& (== net45) (>= netstandard1.3)) (== netstandard1.6)
      System.Collections (>= 4.3) - restriction: || (&& (== net45) (>= netstandard1.3)) (== netstandard1.6)
      System.Collections.Concurrent (>= 4.3) - restriction: || (&& (== net45) (>= netstandard1.3)) (== netstandard1.6)
      System.Linq (>= 4.3) - restriction: || (&& (== net45) (>= netstandard1.3)) (== netstandard1.6)
      System.Resources.ResourceManager (>= 4.3) - restriction: || (&& (== net45) (>= netstandard1.3)) (== netstandard1.6)
      System.Runtime (>= 4.3) - restriction: || (&& (== net45) (>= netstandard1.3)) (== netstandard1.6)
      System.Runtime.Extensions (>= 4.3) - restriction: || (&& (== net45) (>= netstandard1.3)) (== netstandard1.6)
      System.Runtime.Handles (>= 4.3) - restriction: || (&& (== net45) (>= netstandard1.3)) (== netstandard1.6)
      System.Runtime.InteropServices (>= 4.3) - restriction: || (&& (== net45) (>= netstandard1.3)) (== netstandard1.6)
      System.Security.Cryptography.Primitives (>= 4.3) - restriction: || (&& (== net45) (>= netstandard1.3)) (== netstandard1.6)
      System.Text.Encoding (>= 4.3) - restriction: || (&& (== net45) (>= netstandard1.3)) (== netstandard1.6)
    System.Security.Cryptography.OpenSsl (4.5) - restriction: == netstandard1.6
      System.Collections (>= 4.3) - restriction: || (&& (== net45) (>= netstandard1.6)) (== netstandard1.6)
      System.IO (>= 4.3) - restriction: || (&& (== net45) (>= netstandard1.6)) (== netstandard1.6)
      System.Resources.ResourceManager (>= 4.3) - restriction: || (&& (== net45) (>= netstandard1.6)) (== netstandard1.6)
      System.Runtime (>= 4.3) - restriction: || (&& (== net45) (>= netstandard1.6)) (== netstandard1.6)
      System.Runtime.Extensions (>= 4.3) - restriction: || (&& (== net45) (>= netstandard1.6)) (== netstandard1.6)
      System.Runtime.Handles (>= 4.3) - restriction: || (&& (== net45) (>= netstandard1.6)) (== netstandard1.6)
      System.Runtime.InteropServices (>= 4.3) - restriction: || (&& (== net45) (>= netstandard1.6)) (== netstandard1.6)
      System.Runtime.Numerics (>= 4.3) - restriction: || (&& (== net45) (>= netstandard1.6)) (== netstandard1.6)
      System.Security.Cryptography.Algorithms (>= 4.3) - restriction: || (&& (== net45) (>= netstandard1.6)) (== netstandard1.6)
      System.Security.Cryptography.Encoding (>= 4.3) - restriction: || (&& (== net45) (>= netstandard1.6)) (== netstandard1.6)
      System.Security.Cryptography.Primitives (>= 4.3) - restriction: || (&& (== net45) (>= netstandard1.6)) (== netstandard1.6)
      System.Text.Encoding (>= 4.3) - restriction: || (&& (== net45) (>= netstandard1.6)) (== netstandard1.6)
    System.Security.Cryptography.Primitives (4.3) - restriction: == netstandard1.6
      System.Diagnostics.Debug (>= 4.3) - restriction: || (&& (== net45) (>= netstandard1.3)) (== netstandard1.6)
      System.Globalization (>= 4.3) - restriction: || (&& (== net45) (>= netstandard1.3)) (== netstandard1.6)
      System.IO (>= 4.3) - restriction: || (&& (== net45) (>= netstandard1.3)) (== netstandard1.6)
      System.Resources.ResourceManager (>= 4.3) - restriction: || (&& (== net45) (>= netstandard1.3)) (== netstandard1.6)
      System.Runtime (>= 4.3) - restriction: || (&& (== net45) (>= netstandard1.3)) (== netstandard1.6)
      System.Threading (>= 4.3) - restriction: || (&& (== net45) (>= netstandard1.3)) (== netstandard1.6)
      System.Threading.Tasks (>= 4.3) - restriction: || (&& (== net45) (>= netstandard1.3)) (== netstandard1.6)
    System.Security.Cryptography.X509Certificates (4.3.2) - restriction: == netstandard1.6
      Microsoft.NETCore.Platforms (>= 1.1)
      runtime.native.System (>= 4.3) - restriction: || (&& (== net45) (>= netstandard1.6)) (== netstandard1.6)
      runtime.native.System.Net.Http (>= 4.3) - restriction: || (&& (== net45) (>= netstandard1.6)) (== netstandard1.6)
      runtime.native.System.Security.Cryptography.OpenSsl (>= 4.3.2) - restriction: || (&& (== net45) (>= netstandard1.6)) (== netstandard1.6)
      System.Collections (>= 4.3)
      System.Diagnostics.Debug (>= 4.3) - restriction: || (&& (== net45) (>= netstandard1.6)) (== netstandard1.6)
      System.Globalization (>= 4.3)
      System.Globalization.Calendars (>= 4.3)
      System.IO (>= 4.3)
      System.IO.FileSystem (>= 4.3)
      System.IO.FileSystem.Primitives (>= 4.3) - restriction: || (&& (== net45) (>= netstandard1.6)) (== netstandard1.6)
      System.Resources.ResourceManager (>= 4.3)
      System.Runtime (>= 4.3)
      System.Runtime.Extensions (>= 4.3)
      System.Runtime.Handles (>= 4.3)
      System.Runtime.InteropServices (>= 4.3)
      System.Runtime.Numerics (>= 4.3)
      System.Security.Cryptography.Algorithms (>= 4.3)
      System.Security.Cryptography.Cng (>= 4.3)
      System.Security.Cryptography.Csp (>= 4.3) - restriction: || (&& (== net45) (>= netstandard1.6)) (== netstandard1.6)
      System.Security.Cryptography.Encoding (>= 4.3)
      System.Security.Cryptography.OpenSsl (>= 4.3) - restriction: || (&& (== net45) (>= netstandard1.6)) (== netstandard1.6)
      System.Security.Cryptography.Primitives (>= 4.3)
      System.Text.Encoding (>= 4.3)
      System.Threading (>= 4.3)
    System.Text.Encoding (4.3) - restriction: == netstandard1.6
      Microsoft.NETCore.Platforms (>= 1.1) - restriction: || (&& (== net45) (< portable-net45+win8+wp8+wpa81)) (== netstandard1.6)
      Microsoft.NETCore.Targets (>= 1.1) - restriction: || (&& (== net45) (< portable-net45+win8+wp8+wpa81)) (== netstandard1.6)
      System.Runtime (>= 4.3) - restriction: || (&& (== net45) (< portable-net45+win8+wp8+wpa81)) (== netstandard1.6)
    System.Text.RegularExpressions (4.3) - restriction: == netstandard1.6
      System.Collections (>= 4.3) - restriction: || (&& (== net45) (< portable-net45+win8+wp8+wpa81)) (== netstandard1.6)
      System.Globalization (>= 4.3) - restriction: || (&& (== net45) (< portable-net45+win8+wp8+wpa81)) (== netstandard1.6)
      System.Resources.ResourceManager (>= 4.3) - restriction: || (&& (== net45) (< portable-net45+win8+wp8+wpa81)) (== netstandard1.6)
      System.Runtime (>= 4.3) - restriction: || (&& (== net45) (>= netcoreapp1.1)) (&& (== net45) (< portable-net45+win8+wp8+wpa81)) (== netstandard1.6)
      System.Runtime.Extensions (>= 4.3) - restriction: || (&& (== net45) (< portable-net45+win8+wp8+wpa81)) (== netstandard1.6)
      System.Threading (>= 4.3) - restriction: || (&& (== net45) (< portable-net45+win8+wp8+wpa81)) (== netstandard1.6)
    System.Threading (4.3) - restriction: == netstandard1.6
      System.Runtime (>= 4.3) - restriction: || (&& (== net45) (< portable-net45+win8+wp8+wpa81)) (== netstandard1.6)
      System.Threading.Tasks (>= 4.3) - restriction: || (&& (== net45) (< portable-net45+win8+wp8+wpa81)) (== netstandard1.6)
    System.Threading.Tasks (4.3) - restriction: == netstandard1.6
      Microsoft.NETCore.Platforms (>= 1.1) - restriction: || (&& (== net45) (< portable-net45+win8+wp8+wpa81)) (== netstandard1.6)
      Microsoft.NETCore.Targets (>= 1.1) - restriction: || (&& (== net45) (< portable-net45+win8+wp8+wpa81)) (== netstandard1.6)
      System.Runtime (>= 4.3) - restriction: || (&& (== net45) (< portable-net45+win8+wp8+wpa81)) (== netstandard1.6)
    System.Threading.Tasks.Parallel (4.3) - restriction: == netstandard1.6
      System.Collections.Concurrent (>= 4.3) - restriction: || (&& (== net45) (< portable-net45+win8+wpa81)) (== netstandard1.6)
      System.Diagnostics.Debug (>= 4.3) - restriction: || (&& (== net45) (< portable-net45+win8+wpa81)) (== netstandard1.6)
      System.Diagnostics.Tracing (>= 4.3) - restriction: || (&& (== net45) (< portable-net45+win8+wpa81)) (== netstandard1.6)
      System.Resources.ResourceManager (>= 4.3) - restriction: || (&& (== net45) (< portable-net45+win8+wpa81)) (== netstandard1.6)
      System.Runtime (>= 4.3) - restriction: || (&& (== net45) (< portable-net45+win8+wpa81)) (== netstandard1.6)
      System.Runtime.Extensions (>= 4.3) - restriction: || (&& (== net45) (< portable-net45+win8+wpa81)) (== netstandard1.6)
      System.Threading (>= 4.3) - restriction: || (&& (== net45) (< portable-net45+win8+wpa81)) (== netstandard1.6)
      System.Threading.Tasks (>= 4.3) - restriction: || (&& (== net45) (< portable-net45+win8+wpa81)) (== netstandard1.6)
    System.Threading.Thread (4.3) - restriction: == netstandard1.6
      System.Runtime (>= 4.3) - restriction: || (&& (== net45) (>= netstandard1.3)) (== netstandard1.6)
    System.Threading.ThreadPool (4.3) - restriction: == netstandard1.6
      System.Runtime (>= 4.3) - restriction: || (&& (== net45) (>= netstandard1.3)) (== netstandard1.6)
      System.Runtime.Handles (>= 4.3) - restriction: || (&& (== net45) (>= netstandard1.3)) (== netstandard1.6)
    System.Threading.Timer (4.3) - restriction: == netstandard1.6
      Microsoft.NETCore.Platforms (>= 1.1)
      Microsoft.NETCore.Targets (>= 1.1)
      System.Runtime (>= 4.3)
